PATH
  remote: .
  specs:
    kamino (0.1.0)
      thor

GEM
  specs:
    diff-lcs (1.2.1)
    rspec (2.13.0)
      rspec-core (~> 2.13.0)
      rspec-expectations (~> 2.13.0)
      rspec-mocks (~> 2.13.0)
    rspec-core (2.13.1)
    rspec-expectations (2.13.0)
      diff-lcs (>= 1.1.3, < 2.0)
    rspec-mocks (2.13.0)
    thor (0.18.0)

PLATFORMS
  ruby

DEPENDENCIES
  kamino!
  rspec
